PATH
  remote: .
  specs:
    radiodan (0.0.1)
      active_support (~> 3.0.0)
      em-http-request (~> 1.0.3)
      em-simple_telnet (~> 0.0.6)
      em-synchrony (~> 1.0.3)
      eventmachine (~> 1.0.3)

GEM
  remote: https://rubygems.org/
  specs:
    active_support (3.0.0)
      activesupport (= 3.0.0)
    activesupport (3.0.0)
    addressable (2.3.4)
    cookiejar (0.3.0)
    diff-lcs (1.2.4)
    em-http-request (1.0.3)
      addressable (>= 2.2.3)
      cookiejar
      em-socksify
      eventmachine (>= 1.0.0.beta.4)
      http_parser.rb (>= 0.5.3)
    em-simple_telnet (0.0.9)
      eventmachine (>= 1.0.0)
    em-socksify (0.2.1)
      eventmachine (>= 1.0.0.beta.4)
    em-synchrony (1.0.3)
      eventmachine (>= 1.0.0.beta.1)
    eventmachine (1.0.3)
    http_parser.rb (0.5.3)
    rspec (2.13.0)
      rspec-core (~> 2.13.0)
      rspec-expectations (~> 2.13.0)
      rspec-mocks (~> 2.13.0)
    rspec-core (2.13.1)
    rspec-expectations (2.13.0)
      diff-lcs (>= 1.1.3, < 2.0)
    rspec-mocks (2.13.1)

PLATFORMS
  ruby

DEPENDENCIES
  radiodan!
  rspec
